GEM
  remote: https://rubygems.org/
  specs:
    ast (2.4.2)
    opal (1.5.0)
      ast (>= 2.3.0)
      parser (~> 3.0, >= 3.0.3.2)
    parser (3.1.2.0)
      ast (~> 2.4.1)
    rake (13.0.6)

PLATFORMS
  x86_64-darwin-20

DEPENDENCIES
  opal (~> 1.5)
  rake (~> 13.0)

BUNDLED WITH
   2.3.3
